GIT
  remote: git://github.com/mekishizufu/debugger.git
  revision: ca451a9bdfc6569b7aca6c0f58468a13cad3759f
  branch: support_212
  specs:
    debugger (1.6.6)
      columnize (>= 0.3.1)
      debugger-linecache (~> 1.2.0)
      debugger-ruby_core_source (~> 1.3.4)

PATH
  remote: .
  specs:
    less_active_record (0.1.1)

GEM
  remote: https://rubygems.org/
  specs:
    columnize (0.8.9)
    debugger-linecache (1.2.0)
    debugger-ruby_core_source (1.3.5)
    diff-lcs (1.2.5)
    rake (10.3.2)
    rspec (3.0.0)
      rspec-core (~> 3.0.0)
      rspec-expectations (~> 3.0.0)
      rspec-mocks (~> 3.0.0)
    rspec-core (3.0.3)
      rspec-support (~> 3.0.0)
    rspec-expectations (3.0.3)
      diff-lcs (>= 1.2.0, < 2.0)
      rspec-support (~> 3.0.0)
    rspec-mocks (3.0.3)
      rspec-support (~> 3.0.0)
    rspec-support (3.0.3)

PLATFORMS
  ruby

DEPENDENCIES
  debugger!
  less_active_record!
  rake (~> 10.3, >= 10.3.2)
  rspec (~> 3.0)
